GEM
  remote: https://rubygems.org/
  specs:
    ipaddr (1.2.0)
    maxminddb (0.1.21)

PLATFORMS
  ruby

DEPENDENCIES
  ipaddr
  maxminddb (~> 0.1)

BUNDLED WITH
   1.15.4
